GEM
  remote: https://rubygems.org/
  specs:
    minitest (5.16.3)
    rake (13.0.6)

PLATFORMS
  arm64-darwin-21

DEPENDENCIES
  minitest
  rake

RUBY VERSION
   ruby 3.0.4p208

BUNDLED WITH
   2.3.23
