GEM
  remote: https://rubygems.org/
  specs:
    minitest (5.16.3)
    rake (13.0.6)

PLATFORMS
  arm64-darwin-21
  arm64-darwin-22

DEPENDENCIES
  minitest
  rake

RUBY VERSION
   ruby 3.2.0p0

BUNDLED WITH
   2.3.23
