GEM
  remote: https://rubygems.org/
  specs:
    minitest (5.16.3)

PLATFORMS
  arm64-darwin-21

DEPENDENCIES
  minitest

RUBY VERSION
   ruby 3.0.4p208

BUNDLED WITH
   2.3.23
